GEM
  remote: https://rubygems.org/
  specs:
    diff-lcs (1.4.4)
    rack (1.6.13)
    rack-protection (1.5.5)
      rack
    rspec (3.10.0)
      rspec-core (~> 3.10.0)
      rspec-expectations (~> 3.10.0)
      rspec-mocks (~> 3.10.0)
    rspec-core (3.10.1)
      rspec-support (~> 3.10.0)
    rspec-expectations (3.10.1)
      diff-lcs (>= 1.2.0, < 2.0)
      rspec-support (~> 3.10.0)
    rspec-mocks (3.10.2)
      diff-lcs (>= 1.2.0, < 2.0)
      rspec-support (~> 3.10.0)
    rspec-support (3.10.2)
    sinatra (1.4.8)
      rack (~> 1.5)
      rack-protection (~> 1.4)
      tilt (>= 1.3, < 3)
    tilt (2.0.10)

PLATFORMS
  arm64-darwin-20

DEPENDENCIES
  rack (~> 1.5)
  rspec (~> 3.4)
  sinatra (~> 1.4, >= 1.4.7)

RUBY VERSION
   ruby 3.0.0p0

BUNDLED WITH
   2.2.28
